GIT
  remote: https://github.com/masiuchi/wovnrb
  revision: c34e2e6d7d630e99773c942511fd57427e382f3e
  branch: fix/error-on-rails4
  specs:
    wovnrb (2.2.2)
      activesupport
      addressable
      lz4-ruby
      nokogiri (>= 1.10.4)
      nokogumbo (>= 1.4.0, < 2.0.0)
      rack

GEM
  remote: https://rubygems.org/
  specs:
    activesupport (6.0.1)
      concurrent-ruby (~> 1.0, >= 1.0.2)
      i18n (>= 0.7, < 2)
      minitest (~> 5.1)
      tzinfo (~> 1.1)
      zeitwerk (~> 2.2)
    addressable (2.7.0)
      public_suffix (>= 2.0.2, < 5.0)
    concurrent-ruby (1.1.5)
    i18n (1.7.0)
      concurrent-ruby (~> 1.0)
    lz4-ruby (0.3.3)
    mini_portile2 (2.8.0)
    minitest (5.13.0)
    mustermann (1.0.3)
    nokogiri (1.13.9)
      mini_portile2 (~> 2.8.0)
      racc (~> 1.4)
    nokogumbo (1.5.0)
      nokogiri
    public_suffix (4.0.1)
    racc (1.6.0)
    rack (2.0.6)
    rack-protection (2.0.5)
      rack
    sinatra (2.0.5)
      mustermann (~> 1.0)
      rack (~> 2.0)
      rack-protection (= 2.0.5)
      tilt (~> 2.0)
    thread_safe (0.3.6)
    tilt (2.0.9)
    tzinfo (1.2.5)
      thread_safe (~> 0.1)
    zeitwerk (2.2.1)

PLATFORMS
  ruby

DEPENDENCIES
  nokogiri (>= 1.10.4)
  rack (~> 2.0.6)
  rack-protection (~> 2.0.0)
  sinatra (~> 2.0.2)
  wovnrb!

RUBY VERSION
   ruby 2.6.3p62

BUNDLED WITH
   1.17.2
