GIT
  remote: https://github.com/masiuchi/wovnrb
  revision: c34e2e6d7d630e99773c942511fd57427e382f3e
  branch: fix/error-on-rails4
  specs:
    wovnrb (2.2.2)
      activesupport
      addressable
      lz4-ruby
      nokogiri (>= 1.10.4)
      nokogumbo (>= 1.4.0, < 2.0.0)
      rack

GEM
  remote: https://rubygems.org/
  specs:
    activesupport (6.1.7.1)
      concurrent-ruby (~> 1.0, >= 1.0.2)
      i18n (>= 1.6, < 2)
      minitest (>= 5.1)
      tzinfo (~> 2.0)
      zeitwerk (~> 2.3)
    addressable (2.7.0)
      public_suffix (>= 2.0.2, < 5.0)
    concurrent-ruby (1.1.10)
    i18n (1.12.0)
      concurrent-ruby (~> 1.0)
    lz4-ruby (0.3.3)
    mini_portile2 (2.4.0)
    minitest (5.17.0)
    mustermann (1.0.3)
    nokogiri (1.10.5)
      mini_portile2 (~> 2.4.0)
    nokogumbo (1.5.0)
      nokogiri
    public_suffix (4.0.1)
    rack (2.0.6)
    rack-protection (2.0.5)
      rack
    sinatra (2.0.5)
      mustermann (~> 1.0)
      rack (~> 2.0)
      rack-protection (= 2.0.5)
      tilt (~> 2.0)
    tilt (2.0.9)
    tzinfo (2.0.5)
      concurrent-ruby (~> 1.0)
    zeitwerk (2.6.6)

PLATFORMS
  ruby

DEPENDENCIES
  nokogiri (>= 1.10.4)
  rack (~> 2.0.6)
  rack-protection (~> 2.0.0)
  sinatra (~> 2.0.2)
  wovnrb!

RUBY VERSION
   ruby 2.6.3p62

BUNDLED WITH
   1.17.2
