GIT
  remote: git://github.com/masiuchi/wovnrb.git
  revision: ec6a8e37e0d5a3bf5d7c6d9456bb9c267f3d95a9
  specs:
    wovnrb (0.1.79)
      nokogumbo (= 1.3.0)

GEM
  remote: https://rubygems.org/
  specs:
    mini_portile2 (2.0.0)
    nokogiri (1.6.7.2)
      mini_portile2 (~> 2.0.0.rc2)
    nokogumbo (1.3.0)
      nokogiri
    rack (1.6.4)
    rack-protection (1.5.3)
      rack
    sinatra (1.4.7)
      rack (~> 1.5)
      rack-protection (~> 1.4)
      tilt (>= 1.3, < 3)
    tilt (2.0.2)

PLATFORMS
  ruby

DEPENDENCIES
  sinatra
  wovnrb!

BUNDLED WITH
   1.11.2
