GIT
  remote: git://github.com/masiuchi/wovnrb.git
  revision: ec6a8e37e0d5a3bf5d7c6d9456bb9c267f3d95a9
  specs:
    wovnrb (0.1.79)
      nokogumbo (= 1.3.0)

GEM
  remote: https://rubygems.org/
  specs:
    mini_portile2 (2.3.0)
    mustermann (1.0.3)
    nokogiri (1.8.2)
      mini_portile2 (~> 2.3.0)
    nokogumbo (1.3.0)
      nokogiri
    rack (2.0.6)
    rack-protection (2.0.5)
      rack
    sinatra (2.0.5)
      mustermann (~> 1.0)
      rack (~> 2.0)
      rack-protection (= 2.0.5)
      tilt (~> 2.0)
    tilt (2.0.9)

PLATFORMS
  ruby

DEPENDENCIES
  nokogiri (~> 1.8.1)
  rack (~> 2.0.6)
  rack-protection (~> 2.0.0)
  sinatra (~> 2.0.2)
  wovnrb!

RUBY VERSION
   ruby 2.6.3p62

BUNDLED WITH
   1.17.2
